PATH
  remote: .
  specs:
    smartling_rails (0.0.4)
      smartling (~> 0.5)

GEM
  remote: http://rubygems.org/
  specs:
    coderay (1.1.0)
    diff-lcs (1.2.5)
    docile (1.1.5)
    method_source (0.8.2)
    mime-types (2.4.3)
    multi_json (1.10.1)
    netrc (0.10.2)
    pry (0.10.1)
      coderay (~> 1.1.0)
      method_source (~> 0.8.1)
      slop (~> 3.4)
    rake (0.9.6)
    rest-client (1.7.3)
      mime-types (>= 1.16, < 3.0)
      netrc (~> 0.7)
    rspec (2.99.0)
      rspec-core (~> 2.99.0)
      rspec-expectations (~> 2.99.0)
      rspec-mocks (~> 2.99.0)
    rspec-core (2.99.2)
    rspec-expectations (2.99.2)
      diff-lcs (>= 1.1.3, < 2.0)
    rspec-mocks (2.99.2)
    rspec-pride (2.3.0)
      rspec (~> 2.10)
    simplecov (0.9.1)
      docile (~> 1.1.0)
      multi_json (~> 1.0)
      simplecov-html (~> 0.8.0)
    simplecov-html (0.8.0)
    slop (3.6.0)
    smartling (0.5.1)
      multi_json (~> 1.0)
      rest-client (~> 1.6)

PLATFORMS
  ruby

DEPENDENCIES
  pry (~> 0.9)
  rake (~> 0.8)
  rspec (~> 2.11)
  rspec-pride (~> 2.2, >= 2.2.0)
  simplecov (~> 0.7, >= 0.7.1)
  smartling_rails!
